PATH
  remote: .
  specs:
    bicycle (0.7.0)

GEM
  remote: https://rubygems.org/
  specs:
    ansi (1.5.0)
    builder (3.2.3)
    minitest (5.11.3)
    minitest-fail-fast (0.1.0)
      minitest (~> 5)
    minitest-macos-notification (0.0.6)
      minitest (~> 5.0)
      minitest-reporters (~> 1.3)
      os (~> 1.0)
      terminal-notifier (~> 2.0)
    minitest-reporters (1.3.6)
      ansi
      builder
      minitest (>= 5.0)
      ruby-progressbar
    os (1.0.1)
    rake (13.0.1)
    ruby-progressbar (1.10.0)
    terminal-notifier (2.0.0)

PLATFORMS
  ruby

DEPENDENCIES
  bicycle!
  bundler (~> 1.17.2)
  minitest (~> 5.11.3)
  minitest-fail-fast (~> 0.1.0)
  minitest-macos-notification (~> 0.0.5)
  minitest-reporters (~> 1.3.5)
  rake (~> 13.0.1)

BUNDLED WITH
   1.17.2
