GEM
  remote: http://rubygems.org/
  specs:
    addressable (2.4.0)
    ansi (1.5.0)
    builder (3.2.3)
    descendants_tracker (0.0.4)
      thread_safe (~> 0.3, >= 0.3.1)
    faraday (0.9.2)
      multipart-post (>= 1.2, < 3)
    git (1.5.0)
    github_api (0.16.0)
      addressable (~> 2.4.0)
      descendants_tracker (~> 0.0.4)
      faraday (~> 0.8, < 0.10)
      hashie (>= 3.4)
      mime-types (>= 1.16, < 3.0)
      oauth2 (~> 1.0)
    hashie (3.6.0)
    highline (2.0.0)
    jeweler (2.3.9)
      builder
      bundler
      git (>= 1.2.5)
      github_api (~> 0.16.0)
      highline (>= 1.6.15)
      nokogiri (>= 1.5.10)
      psych
      rake
      rdoc
      semver2
    jwt (1.5.6)
    mime-types (2.99.3)
    mini_portile2 (2.3.0)
    minitest (5.11.3)
    minitest-fail-fast (0.1.0)
      minitest (~> 5)
    minitest-macos-notification (0.0.3)
      minitest (~> 5.0)
      minitest-reporters (~> 1.3.1)
      os (~> 1.0)
      terminal-notifier (~> 2.0)
    minitest-reporters (1.3.2)
      ansi
      builder
      minitest (>= 5.0)
      ruby-progressbar
    multi_json (1.13.1)
    multi_xml (0.6.0)
    multipart-post (2.0.0)
    nokogiri (1.8.4)
      mini_portile2 (~> 2.3.0)
    oauth2 (1.4.0)
      faraday (>= 0.8, < 0.13)
      jwt (~> 1.0)
      multi_json (~> 1.3)
      multi_xml (~> 0.5)
      rack (>= 1.2, < 3)
    os (1.0.0)
    psych (3.0.2)
    rack (2.0.5)
    rake (12.3.1)
    rdoc (6.0.4)
    ruby-progressbar (1.10.0)
    semver2 (3.4.2)
    terminal-notifier (2.0.0)
    thread_safe (0.3.6)
    yard (0.9.16)

PLATFORMS
  ruby

DEPENDENCIES
  bundler (~> 1.16)
  jeweler (~> 2.3)
  minitest (~> 5.0)
  minitest-fail-fast (~> 0.1)
  minitest-macos-notification (~> 0)
  minitest-reporters (~> 1.3)
  yard (~> 0.9)

BUNDLED WITH
   1.16.4
